GIT
  remote: git@github.com:jordanbyron/alarm_decoder.git
  revision: 89b70f886f9d22aa997fac63063ec1dd016fa421
  specs:
    alarm_decoder (0.0.1)
      highline (>= 1.6.20)
      prowl (>= 0.1.3)
      redis (>= 3.0.7)
      serialport (>= 1.3.0)

GEM
  remote: https://rubygems.org/
  specs:
    addressable (2.3.5)
    backports (3.5.0)
    daemons (1.1.9)
    dotenv (0.9.0)
    em-websocket (0.3.8)
      addressable (>= 2.1.1)
      eventmachine (>= 0.12.9)
    eventmachine (1.0.3)
    haml (4.0.5)
      tilt
    highline (1.6.20)
    multi_json (1.8.4)
    prowl (0.1.3)
    rack (1.5.2)
    rack-protection (1.5.2)
      rack
    rack-test (0.6.2)
      rack (>= 1.0)
    redis (3.0.7)
    sass (3.2.14)
    serialport (1.3.0)
    sinatra (1.4.4)
      rack (~> 1.4)
      rack-protection (~> 1.4)
      tilt (~> 1.3, >= 1.3.4)
    sinatra-contrib (1.4.2)
      backports (>= 2.0)
      multi_json
      rack-protection
      rack-test
      sinatra (~> 1.4.0)
      tilt (~> 1.3)
    sinatra-websocket (0.3.0)
      em-websocket (~> 0.3.6)
      eventmachine
      thin (>= 1.3.1)
    thin (1.6.1)
      daemons (>= 1.0.9)
      eventmachine (>= 1.0.0)
      rack (>= 1.0.0)
    tilt (1.4.1)

PLATFORMS
  ruby

DEPENDENCIES
  alarm_decoder!
  dotenv
  haml
  sass
  sinatra
  sinatra-contrib
  sinatra-websocket
  thin
