GIT
  remote: git@github.com:jordanbyron/alarm_decoder.git
  revision: ab2c488a344ab28e911d8ebcbfebcf0cc52ac556
  specs:
    alarm_decoder (0.0.4)
      highline (>= 1.6.20)
      mail
      prowl (>= 0.1.3)
      redis (>= 3.0.7)
      serialport (>= 1.3.0)

GIT
  remote: git@github.com:jordanbyron/garage_door.git
  revision: f5e19f4396d7a4a6387271ac33eef0c1a2915cbe
  specs:
    garage_door (1.0.0)
      prowl (>= 0.1.3)
      redis (>= 3.0.7)
      wiringpi2 (>= 2.0.1)

GEM
  remote: https://rubygems.org/
  specs:
    addressable (2.3.5)
    daemons (1.1.9)
    dotenv (0.9.0)
    em-websocket (0.3.8)
      addressable (>= 2.1.1)
      eventmachine (>= 0.12.9)
    eventmachine (1.0.3)
    haml (4.0.5)
      tilt
    highline (1.6.21)
    mail (2.6.3)
      mime-types (>= 1.16, < 3)
    mime-types (2.4.3)
    prowl (0.1.3)
    rack (1.5.2)
    rack-protection (1.5.2)
      rack
    redis (3.1.0)
    sass (3.2.14)
    serialport (1.3.1)
    sinatra (1.4.4)
      rack (~> 1.4)
      rack-protection (~> 1.4)
      tilt (~> 1.3, >= 1.3.4)
    sinatra-websocket (0.3.0)
      em-websocket (~> 0.3.6)
      eventmachine
      thin (>= 1.3.1)
    thin (1.6.1)
      daemons (>= 1.0.9)
      eventmachine (>= 1.0.0)
      rack (>= 1.0.0)
    tilt (1.4.1)
    wiringpi2 (2.0.1)

PLATFORMS
  ruby

DEPENDENCIES
  alarm_decoder!
  dotenv
  garage_door!
  haml
  sass
  sinatra
  sinatra-websocket
  thin
